PATH
  remote: .
  specs:
    tibetan (0.1.4)

GEM
  remote: https://rubygems.org/
  specs:
    minitest (5.25.5)
    rake (13.2.1)

PLATFORMS
  ruby

DEPENDENCIES
  bundler (~> 2.6)
  minitest (~> 5.25)
  rake (~> 13.2)
  tibetan!

BUNDLED WITH
   2.6.7
